NUGET
  remote: https://nuget.org/api/v2
  specs:
    FAKE (3.35.1)
    FSharp.Compiler.Service (0.0.89)
    FSharp.Core (3.1.2.1)
    FsPickler (1.2.9)
    Suave (0.29.0)
      FSharp.Core (>= 3.1.2.1)
      FsPickler (>= 1.2.5)
